PATH
  remote: .
  specs:
    dohutil (0.2.11)
      dohroot (>= 0.1.1)
      highline (>= 1.6.13)

GEM
  remote: https://rubygems.org/
  specs:
    dohroot (0.1.1)
    dohtest (0.1.17)
      dohroot (>= 0.1.0)
      term-ansicolor (>= 1.0.7)
    highline (1.6.19)
    term-ansicolor (1.1.5)

PLATFORMS
  ruby

DEPENDENCIES
  dohtest (>= 0.1.17)
  dohutil!
